PATH
  remote: .
  specs:
    mpf (0.1.0)

GEM
  remote: https://rubygems.org/
  specs:
    debase (0.2.2)
      debase-ruby_core_source (>= 0.10.2)
    debase-ruby_core_source (0.10.4)
    diff-lcs (1.3)
    rake (10.5.0)
    rantly (2.0.0)
    rspec (3.8.0)
      rspec-core (~> 3.8.0)
      rspec-expectations (~> 3.8.0)
      rspec-mocks (~> 3.8.0)
    rspec-core (3.8.0)
      rspec-support (~> 3.8.0)
    rspec-expectations (3.8.2)
      diff-lcs (>= 1.2.0, < 2.0)
      rspec-support (~> 3.8.0)
    rspec-mocks (3.8.0)
      diff-lcs (>= 1.2.0, < 2.0)
      rspec-support (~> 3.8.0)
    rspec-support (3.8.0)
    ruby-debug-ide (0.7.0.beta7)
      rake (>= 0.8.1)

PLATFORMS
  ruby

DEPENDENCIES
  bundler (~> 2.0)
  debase (~> 0.2.2)
  mpf!
  rake (~> 10.0)
  rantly (~> 2.0.0)
  rspec (~> 3.0)
  ruby-debug-ide (~> 0.7.0.beta7)

RUBY VERSION
   ruby 2.6.0p0

BUNDLED WITH
   2.0.1
