PATH
  remote: .
  specs:
    langbench (0.1.0)
      activemodel (~> 5.2.3)
      activesupport (~> 5.2.3)

GEM
  remote: https://rubygems.org/
  specs:
    activemodel (5.2.3)
      activesupport (= 5.2.3)
    activesupport (5.2.3)
      concurrent-ruby (~> 1.0, >= 1.0.2)
      i18n (>= 0.7, < 2)
      minitest (~> 5.1)
      tzinfo (~> 1.1)
    concurrent-ruby (1.1.5)
    debase (0.2.2)
      debase-ruby_core_source (>= 0.10.2)
    debase-ruby_core_source (0.10.4)
    i18n (1.6.0)
      concurrent-ruby (~> 1.0)
    minitest (5.11.3)
    rake (12.3.2)
    ruby-debug-ide (0.7.0.beta7)
      rake (>= 0.8.1)
    spy (1.0.0)
    thread_safe (0.3.6)
    tzinfo (1.2.5)
      thread_safe (~> 0.1)

PLATFORMS
  ruby

DEPENDENCIES
  bundler (~> 2.0)
  debase (~> 0.2.2)
  langbench!
  minitest (~> 5.0)
  rake (~> 12.3.2)
  ruby-debug-ide (~> 0.7.0.beta7)
  spy (~> 1.0.0)

RUBY VERSION
   ruby 2.6.2p47

BUNDLED WITH
   2.0.1
